GEM
  remote: http://rubygems.org/
  specs:
    actionmailer (3.2.17)
      actionpack (= 3.2.17)
      mail (~> 2.5.4)
    actionpack (3.2.17)
      activemodel (= 3.2.17)
      activesupport (= 3.2.17)
      builder (~> 3.0.0)
      erubis (~> 2.7.0)
      journey (~> 1.0.4)
      rack (~> 1.4.5)
      rack-cache (~> 1.2)
      rack-test (~> 0.6.1)
      sprockets (~> 2.2.1)
    activemodel (3.2.17)
      activesupport (= 3.2.17)
      builder (~> 3.0.0)
    activerecord (3.2.17)
      activemodel (= 3.2.17)
      activesupport (= 3.2.17)
      arel (~> 3.0.2)
      tzinfo (~> 0.3.29)
    activeresource (3.2.17)
      activemodel (= 3.2.17)
      activesupport (= 3.2.17)
    activesupport (3.2.17)
      i18n (~> 0.6, >= 0.6.4)
      multi_json (~> 1.0)
    amazon-ecs (0.5.7)
      hpricot (>= 0.4)
      ruby-hmac (>= 0.3.2)
    arel (3.0.3)
    builder (3.0.0)
    capybara (0.3.9)
      culerity (>= 0.2.4)
      mime-types (>= 1.16)
      nokogiri (>= 1.3.3)
      rack (>= 1.0.0)
      rack-test (>= 0.5.4)
      selenium-webdriver (>= 0.0.3)
    childprocess (0.1.9)
      ffi (~> 1.0.6)
    concurrent-ruby (1.1.10)
    crack (0.1.8)
    cucumber (1.0.1)
      builder (>= 2.1.2)
      diff-lcs (>= 1.1.2)
      gherkin (~> 2.4.5)
      json (>= 1.4.6)
      term-ansicolor (>= 1.0.5)
    culerity (0.2.15)
    diff-lcs (1.1.2)
    erubis (2.7.0)
    ffi (1.0.9)
    gherkin (2.4.5)
      json (>= 1.4.6)
    haml (3.1.2)
    hike (1.2.3)
    hpricot (0.8.4)
    httparty (0.7.8)
      crack (= 0.1.8)
    i18n (0.9.5)
      concurrent-ruby (~> 1.0)
    journey (1.0.4)
    json (1.5.3)
    json_pure (1.5.3)
    mail (2.5.5)
      mime-types (~> 1.16)
      treetop (~> 1.4.8)
    mime-types (1.16)
    mogli (0.0.28)
      httparty (>= 0.4.3)
    multi_json (1.15.0)
    mysql (2.8.1)
    nokogiri (1.5.0)
    polyglot (0.3.5)
    rack (1.4.7)
    rack-cache (1.13.0)
      rack (>= 0.4)
    rack-ssl (1.3.4)
      rack
    rack-test (0.6.3)
      rack (>= 1.0)
    rails (3.2.17)
      actionmailer (= 3.2.17)
      actionpack (= 3.2.17)
      activerecord (= 3.2.17)
      activeresource (= 3.2.17)
      activesupport (= 3.2.17)
      bundler (~> 1.0)
      railties (= 3.2.17)
    railties (3.2.17)
      actionpack (= 3.2.17)
      activesupport (= 3.2.17)
      rack-ssl (~> 1.3.2)
      rake (>= 0.8.7)
      rdoc (~> 3.4)
      thor (>= 0.14.6, < 2.0)
    rake (0.8.7)
    rdoc (3.12.2)
      json (~> 1.4)
    rspec (1.2.0)
    rspec-rails (1.2.0)
      rack (>= 0.4.0)
      rspec (= 1.2.0)
    ruby-hmac (0.4.0)
    rubyzip (0.9.4)
    selenium-webdriver (2.0.1)
      childprocess (>= 0.1.9)
      ffi (>= 1.0.7)
      json_pure
      rubyzip
    sprockets (2.2.3)
      hike (~> 1.2)
      multi_json (~> 1.0)
      rack (~> 1.0)
      tilt (~> 1.1, != 1.3.0)
    sqlite3 (1.3.3)
    sqlite3-ruby (1.3.3)
      sqlite3 (>= 1.3.3)
    term-ansicolor (1.0.5)
    thor (1.2.1)
    tilt (1.4.1)
    treetop (1.4.15)
      polyglot
      polyglot (>= 0.3.1)
    tzinfo (0.3.60)
    will_paginate (2.3.15)
    yajl-ruby (0.8.2)

PLATFORMS
  ruby

DEPENDENCIES
  amazon-ecs (= 0.5.7)
  capybara (= 0.3.9)
  cucumber
  haml
  json
  mogli
  mysql
  rails (= 3.2.17)
  rake (= 0.8.7)
  rspec-rails (= 1.2)
  ruby-hmac
  sqlite3-ruby
  will_paginate
  yajl-ruby
